GEM
  remote: https://rubygems.org/
  specs:
    concurrent-ruby (1.1.7)
    redis (4.2.1)

PLATFORMS
  ruby

DEPENDENCIES
  concurrent-ruby
  redis

BUNDLED WITH
   1.17.3
